GEM
  remote: https://rubygems.org/
  specs:
    backports (3.6.8)
    coderay (1.1.1)
    httparty (0.14.0)
      multi_xml (>= 0.5.2)
    method_source (0.8.2)
    multi_json (1.12.1)
    multi_xml (0.5.5)
    pry (0.10.4)
      coderay (~> 1.1.0)
      method_source (~> 0.8.1)
      slop (~> 3.4)
    rack (1.6.4)
    rack-protection (1.5.3)
      rack
    rack-test (0.6.3)
      rack (>= 1.0)
    sinatra (1.4.7)
      rack (~> 1.5)
      rack-protection (~> 1.4)
      tilt (>= 1.3, < 3)
    sinatra-contrib (1.4.7)
      backports (>= 2.0)
      multi_json
      rack-protection
      rack-test
      sinatra (~> 1.4.0)
      tilt (>= 1.3, < 3)
    sinatra-flash (0.3.0)
      sinatra (>= 1.0.0)
    slop (3.6.0)
    tilt (2.0.5)

PLATFORMS
  ruby

DEPENDENCIES
  httparty
  pry
  sinatra
  sinatra-contrib
  sinatra-flash

RUBY VERSION
   ruby 2.3.1p112

BUNDLED WITH
   1.12.5
